GIT
  remote: https://github.com/sferik/twitter.git
  revision: 798f0244f99d306c320890844e8cf966f382129c
  specs:
    twitter (5.13.0)
      addressable (~> 2.3)
      buftok (~> 0.2.0)
      equalizer (~> 0.0.9)
      http (~> 0.6.0)
      http_parser.rb (~> 0.6.0)
      memoizable (~> 0.4.0)
      multipart-post (~> 2.0)
      naught (~> 1.0)
      simple_oauth (~> 0.3.0)

GEM
  remote: https://rubygems.org/
  specs:
    actionmailer (4.1.4)
      actionpack (= 4.1.4)
      actionview (= 4.1.4)
      mail (~> 2.5.4)
    actionpack (4.1.4)
      actionview (= 4.1.4)
      activesupport (= 4.1.4)
      rack (~> 1.5.2)
      rack-test (~> 0.6.2)
    actionview (4.1.4)
      activesupport (= 4.1.4)
      builder (~> 3.1)
      erubis (~> 2.7.0)
    activemodel (4.1.4)
      activesupport (= 4.1.4)
      builder (~> 3.1)
    activerecord (4.1.4)
      activemodel (= 4.1.4)
      activesupport (= 4.1.4)
      arel (~> 5.0.0)
    activerecord-reset-pk-sequence (0.2.0)
    activesupport (4.1.4)
      i18n (~> 0.6, >= 0.6.9)
      json (~> 1.7, >= 1.7.7)
      minitest (~> 5.1)
      thread_safe (~> 0.1)
      tzinfo (~> 1.1)
    addressable (2.3.6)
    angular-rails-templates (0.1.3)
      railties (>= 3.1)
      sprockets
      tilt
    arel (5.0.1.20140414130214)
    attr_required (1.0.0)
    awesome_print (1.2.0)
    bcrypt (3.1.7)
    bcrypt-ruby (3.1.5)
      bcrypt (>= 3.1.3)
    better_errors (2.0.0)
      coderay (>= 1.0.0)
      erubis (>= 2.6.6)
      rack (>= 0.9.0)
    binding_of_caller (0.7.2)
      debug_inspector (>= 0.0.1)
    buftok (0.2.0)
    builder (3.2.2)
    bullet (4.13.1)
      activesupport (>= 3.0.0)
      uniform_notifier (>= 1.6.0)
    capistrano (2.15.5)
      highline
      net-scp (>= 1.0.0)
      net-sftp (>= 2.0.0)
      net-ssh (>= 2.0.14)
      net-ssh-gateway (>= 1.1.0)
    capybara (2.4.1)
      mime-types (>= 1.16)
      nokogiri (>= 1.3.3)
      rack (>= 1.0.0)
      rack-test (>= 0.5.4)
      xpath (~> 2.0)
    coderay (1.1.0)
    coffee-rails (4.0.1)
      coffee-script (>= 2.2.0)
      railties (>= 4.0.0, < 5.0)
    coffee-script (2.3.0)
      coffee-script-source
      execjs
    coffee-script-source (1.7.1)
    debug_inspector (0.0.2)
    diff-lcs (1.2.5)
    equalizer (0.0.9)
    erubis (2.7.0)
    execjs (2.2.1)
    faraday (0.9.0)
      multipart-post (>= 1.2, < 3)
    faraday_middleware (0.9.1)
      faraday (>= 0.7.4, < 0.10)
    faraday_middleware-parse_oj (0.3.0)
      faraday (~> 0.9.0)
      faraday_middleware (~> 0.9.1)
      oj (~> 2.0)
    fb_graph (2.7.17)
      httpclient (>= 2.4)
      multi_json (>= 1.3)
      rack-oauth2 (>= 0.14.4)
      tzinfo
    font-awesome-rails (4.2.0.0)
      railties (>= 3.2, < 5.0)
    font-awesome-sass (4.2.2)
      sass (~> 3.2)
    haml (4.0.5)
      tilt
    haml-rails (0.5.3)
      actionpack (>= 4.0.1)
      activesupport (>= 4.0.1)
      haml (>= 3.1, < 5.0)
      railties (>= 4.0.1)
    hashie (3.2.0)
    highline (1.6.21)
    hike (1.2.3)
    hirb (0.7.2)
    http (0.6.3)
      http_parser.rb (~> 0.6.0)
    http_parser.rb (0.6.0)
    httparty (0.13.1)
      json (~> 1.8)
      multi_xml (>= 0.5.2)
    httpclient (2.5.3.3)
    i18n (0.6.11)
    ionicons-rails (1.4.1.0)
    jbuilder (2.1.3)
      activesupport (>= 3.0.0, < 5)
      multi_json (~> 1.2)
    jquery-rails (3.1.1)
      railties (>= 3.0, < 5.0)
      thor (>= 0.14, < 2.0)
    jquery-ui-rails (4.2.1)
      railties (>= 3.2.16)
    json (1.8.1)
    jwt (1.2.0)
    kaminari (0.16.1)
      actionpack (>= 3.0.0)
      activesupport (>= 3.0.0)
    libv8 (3.16.14.3)
    mail (2.5.4)
      mime-types (~> 1.16)
      treetop (~> 1.4.8)
    memoizable (0.4.2)
      thread_safe (~> 0.3, >= 0.3.1)
    method_source (0.8.2)
    mime-types (1.25.1)
    mini_portile (0.6.0)
    minitest (5.4.2)
    multi_json (1.10.1)
    multi_xml (0.5.5)
    multipart-post (2.0.0)
    naught (1.0.0)
    net-scp (1.2.1)
      net-ssh (>= 2.6.5)
    net-sftp (2.1.2)
      net-ssh (>= 2.6.5)
    net-ssh (2.9.1)
    net-ssh-gateway (1.2.0)
      net-ssh (>= 2.6.5)
    newrelic_rpm (3.9.5.251)
    ngannotate-rails (0.10.1)
      execjs
      rails (>= 3.1)
    nokogiri (1.6.3.1)
      mini_portile (= 0.6.0)
    oauth (0.4.7)
    oauth2 (1.0.0)
      faraday (>= 0.8, < 0.10)
      jwt (~> 1.0)
      multi_json (~> 1.3)
      multi_xml (~> 0.5)
      rack (~> 1.2)
    oj (2.11.1)
    omniauth (1.2.2)
      hashie (>= 1.2, < 4)
      rack (~> 1.0)
    omniauth-facebook (2.0.0)
      omniauth-oauth2 (~> 1.2)
    omniauth-google-oauth2 (0.2.6)
      omniauth (> 1.0)
      omniauth-oauth2 (~> 1.1)
    omniauth-oauth (1.0.1)
      oauth
      omniauth (~> 1.0)
    omniauth-oauth2 (1.2.0)
      faraday (>= 0.8, < 0.10)
      multi_json (~> 1.3)
      oauth2 (~> 1.0)
      omniauth (~> 1.2)
    omniauth-twitter (1.1.0)
      multi_json (~> 1.3)
      omniauth-oauth (~> 1.0)
    omniauth-vkontakte (1.3.3)
      multi_json
      omniauth (~> 1.0)
      omniauth-oauth2 (~> 1.1)
    pg (0.17.1)
    polyglot (0.3.5)
    pry (0.10.1)
      coderay (~> 1.1.0)
      method_source (~> 0.8.1)
      slop (~> 3.4)
    quiet_assets (1.0.3)
      railties (>= 3.1, < 5.0)
    rack (1.5.2)
    rack-oauth2 (1.0.8)
      activesupport (>= 2.3)
      attr_required (>= 0.0.5)
      httpclient (>= 2.2.0.2)
      multi_json (>= 1.3.6)
      rack (>= 1.1)
    rack-test (0.6.2)
      rack (>= 1.0)
    rails (4.1.4)
      actionmailer (= 4.1.4)
      actionpack (= 4.1.4)
      actionview (= 4.1.4)
      activemodel (= 4.1.4)
      activerecord (= 4.1.4)
      activesupport (= 4.1.4)
      bundler (>= 1.3.0, < 2.0)
      railties (= 4.1.4)
      sprockets-rails (~> 2.0)
    railties (4.1.4)
      actionpack (= 4.1.4)
      activesupport (= 4.1.4)
      rake (>= 0.8.7)
      thor (>= 0.18.1, < 2.0)
    rake (10.3.2)
    ref (1.0.5)
    rspec-core (3.0.4)
      rspec-support (~> 3.0.0)
    rspec-expectations (3.0.4)
      diff-lcs (>= 1.2.0, < 2.0)
      rspec-support (~> 3.0.0)
    rspec-mocks (3.0.4)
      rspec-support (~> 3.0.0)
    rspec-rails (3.0.2)
      actionpack (>= 3.0)
      activesupport (>= 3.0)
      railties (>= 3.0)
      rspec-core (~> 3.0.0)
      rspec-expectations (~> 3.0.0)
      rspec-mocks (~> 3.0.0)
      rspec-support (~> 3.0.0)
    rspec-support (3.0.4)
    russian (0.6.0)
      i18n (>= 0.5.0)
    rvm-capistrano (1.5.1)
      capistrano (~> 2.15.4)
    sass (3.2.19)
    sass-rails (4.0.3)
      railties (>= 4.0.0, < 5.0)
      sass (~> 3.2.0)
      sprockets (~> 2.8, <= 2.11.0)
      sprockets-rails (~> 2.0)
    simple_oauth (0.3.0)
    slop (3.6.0)
    spring (1.1.3)
    sprockets (2.11.0)
      hike (~> 1.2)
      multi_json (~> 1.0)
      rack (~> 1.0)
      tilt (~> 1.1, != 1.3.0)
    sprockets-rails (2.1.4)
      actionpack (>= 3.0)
      activesupport (>= 3.0)
      sprockets (~> 2.8)
    therubyracer (0.12.1)
      libv8 (~> 3.16.14.0)
      ref
    thor (0.19.1)
    thread_safe (0.3.4)
    tilt (1.4.1)
    treetop (1.4.15)
      polyglot
      polyglot (>= 0.3.1)
    tzinfo (1.2.2)
      thread_safe (~> 0.1)
    uglifier (2.5.3)
      execjs (>= 0.3.0)
      json (>= 1.8.0)
    uniform_notifier (1.6.2)
    vkontakte_api (1.4.3)
      faraday (~> 0.9.0)
      faraday_middleware (~> 0.9.1)
      faraday_middleware-parse_oj (~> 0.3)
      hashie (>= 2.0)
      oauth2 (>= 0.8)
    wirble (0.1.3)
    xpath (2.0.0)
      nokogiri (~> 1.3)
    yandex_inflect (0.1.2)
      httparty
    yard (0.8.7.4)

PLATFORMS
  ruby

DEPENDENCIES
  activerecord-reset-pk-sequence
  angular-rails-templates
  awesome_print
  bcrypt-ruby (~> 3.1.2)
  better_errors
  binding_of_caller
  bullet
  capistrano (= 2.15.5)
  capybara
  coffee-rails (~> 4.0.0)
  fb_graph
  font-awesome-rails (~> 4.2.0.0)
  font-awesome-sass (~> 4.2.0)
  haml-rails
  hashie
  hirb
  ionicons-rails
  jbuilder (~> 2.0)
  jquery-rails
  jquery-ui-rails
  kaminari
  newrelic_rpm
  ngannotate-rails
  omniauth
  omniauth-facebook
  omniauth-google-oauth2
  omniauth-twitter
  omniauth-vkontakte
  pg
  pry
  quiet_assets
  rails (= 4.1.4)
  rspec-rails
  russian (~> 0.6.0)
  rvm-capistrano (= 1.5.1)
  sass-rails (~> 4.0.3)
  spring
  therubyracer
  twitter!
  uglifier (>= 1.3.0)
  vkontakte_api
  wirble
  yandex_inflect (~> 0.1.2)
  yard
